GEM
  remote: http://rubygems.org/
  specs:
    geokit (1.5.0)
    ym4r (0.6.1)

PLATFORMS
  ruby

DEPENDENCIES
  geokit
  ym4r
